##TITLE= Parameter file, TOPSPIN		Version 3.2
##JCAMPDX= 5.0
##DATATYPE= Parameter Values
##NPOINTS= 3556	$$ modification sequence number
##ORIGIN= Bruker BioSpin GmbH
##OWNER= nmrsu
$$ 2018-01-17 09:58:18.677 +0100  nmr@kajbruker
$$ /opt/topspin/conf/instr/spect/specpar
$$ process /opt/topspin/prog/mod/cprserver
##$ANCIEN= (0..7)
0 0 0 0 0 0 0 0
##$BF1= 100.13
##$BF2= 100.13
##$BF3= 100.13
##$DEC= 1
##$DECB= 1
##$DEF19F= yes
##$DEFRSEL= yes
##$HPMOD= (0..7)
0 0 0 0 0 0 0 0
##$HPPRECH= (0..15)
-1 -1 -1 -1 -1 -1 -1 -1 -1 -1 -1 -1 -1 -1 -1 -1
##$LOCSW19F= -1
##$LOCSW2H= -1
##$NUC1= 2
##$NUC2= 0
##$NUC3= 0
##$NUC4= 0
##$NUC5= 0
##$NUC6= 0
##$NUC7= 0
##$NUC8= 0
##$NUCARR= (0..123)
399.93 399.93 61.39169 426.581231 304.664422 58.854043 155.427983 56.197415
42.967112 128.313437 100.562479 28.890483 40.524555 54.216338 376.310178
31.571658 105.789083 24.482255 104.209196 79.454841 161.894632 30.698627
39.184777 32.617191 18.662225 10.243427 26.915405 97.149984 22.54619 22.552201
39.874256 105.19338 22.606027 99.13952 12.948845 94.891687 35.737949 106.043331
113.59489 25.022832 95.988615 121.965469 13.950818 68.47847 76.272702 20.867236
100.198382 108.007167 15.387707 38.613013 130.858912 17.332254 19.597362
37.178684 97.887547 26.063142 26.610123 90.017548 18.417381 20.641863 12.743557
18.301197 16.188442 18.610875 84.847069 88.757165 87.447713 87.635177 130.852093
142.504093 149.136425 95.705557 51.827797 104.66065 126.176991 80.015939
111.221277 32.969913 52.455387 39.730874 44.443933 52.767964 56.492676
122.458566 21.796185 13.437648 16.677081 13.757592 99.422598 43.912314
12.277851 16.117179 96.143172 13.757592 19.276626 85.345062 11.517984 33.154197
69.984974 19.280625 45.608017 32.518308 16.025195 10.066238 47.950007 16.662631
90.082633 90.990474 9.127726 31.056164 6.870797 7.48269 85.972088 6.91479
71.63075 26.441704 228.452814 230.694973 83.667752 64.265903 7.364311 100
100 100
##$OBS= 1
##$OFFSF= (0..7)
-23707.5000000004 0 0 0 0 0 0 0
##$OFFSH= (0..7)
1879.70000001769 0 0 0 0 0 0 0
##$OFFSX= (0..7)
3092.89999999862 -0.499999998737621 0 0 0 0 0 0
##$OFFSXAS= (0..7)
0 0 0 0 0 0 0 0
##$OFSF1= 0
##$OFSF2= 0
##$OFSH1= 0
##$OFSH2= 0
##$OFSH3= 0
##$OFSX1= 0
##$OFSX2= 0
##$OFSY= 0
##$PACOIL= (0..15)
0 0 0 0 0 0 0 0 0 0 0 0 0 0 0 0
##$PRECHAN= (0..15)
-1 2 0 1 -1 -1 -1 -1 -1 -1 -1 -1 -1 -1 -1 -1
##$RECPRE= (0..15)
-1 0 -1 -1 -1 -1 -1 -1 -1 -1 -1 -1 -1 -1 -1 -1
##$RECSEL= (0..15)
0 0 1 0 0 0 0 0 0 0 0 0 0 0 0 0
##$SELREC= (0..9)
0 0 0 0 0 0 0 0 0 0
##$SFO1= 61.394783
##$SFO2= 399.93
##$SFO3= 399.93188
##$SFO4= 399.93188
##$SFO5= 399.93188
##$SFO6= 399.93188
##$SFO7= 399.93188
##$SFO8= 399.93188
##$TY= (0..123)
0 0 0 0 0 0 0 0 0 0 0 0 0 0 0 0 0 0 0 0 0 0 0 0 0 0 0 0 0 0 0 0 0 0 0 0
0 0 0 0 0 0 0 0 0 0 0 0 0 0 0 0 0 0 0 0 0 0 0 0 0 0 0 0 0 0 0 0 0 0 0 0
0 0 0 0 0 0 0 0 0 0 0 0 0 0 0 0 0 0 0 0 0 0 0 0 0 0 0 0 0 0 0 0 0 0 0 0
0 0 0 0 0 0 0 0 0 0 0 0 0 0 0 0
##END=
